GEM
  remote: http://rubygems.org/
  specs:
    metaclass (0.0.4)
    mocha (1.1.0)
      metaclass (~> 0.0.1)

PLATFORMS
  ruby

DEPENDENCIES
  mocha

BUNDLED WITH
   1.11.2
